GEM
  remote: http://rubygems.org/
  specs:
    actionpack (3.2.22.2)
      activemodel (= 3.2.22.2)
      activesupport (= 3.2.22.2)
      builder (~> 3.0.0)
      erubis (~> 2.7.0)
      journey (~> 1.0.4)
      rack (~> 1.4.5)
      rack-cache (~> 1.2)
      rack-test (~> 0.6.1)
      sprockets (~> 2.2.1)
    activemodel (3.2.22.2)
      activesupport (= 3.2.22.2)
      builder (~> 3.0.0)
    activesupport (3.2.22.2)
      i18n (~> 0.6, >= 0.6.4)
      multi_json (~> 1.0)
    addressable (2.2.0)
    builder (3.0.4)
    concurrent-ruby (1.1.7)
    crack (0.1.8)
    curb (0.7.7.1)
    em-http-request (0.2.11)
      addressable (>= 2.0.0)
      eventmachine (>= 0.12.9)
    erubis (2.7.0)
    eventmachine (0.12.10)
    gemcutter (0.4.1)
      json_pure
    git (1.2.5)
    hike (1.2.3)
    i18n (0.9.5)
      concurrent-ruby (~> 1.0)
    jeweler (1.4.0)
      gemcutter (>= 0.1.0)
      git (>= 1.2.5)
      rubyforge (>= 2.0.0)
    journey (1.0.4)
    json_pure (1.4.3)
    mocha (0.9.8)
      rake
    multi_json (1.15.0)
    rack (1.4.7)
    rack-cache (1.12.1)
      rack (>= 0.4)
    rack-test (0.6.3)
      rack (>= 1.0)
    rake (0.8.7)
    rubyforge (2.0.4)
      json_pure (>= 1.1.7)
    sprockets (2.2.3)
      hike (~> 1.2)
      multi_json (~> 1.0)
      rack (~> 1.0)
      tilt (~> 1.1, != 1.3.0)
    tilt (1.4.1)
    typhoeus (0.1.31)
      rack
    webmock (1.3.5)
      addressable (>= 2.1.1)
      crack (>= 0.1.7)

PLATFORMS
  ruby

DEPENDENCIES
  actionpack (~> 3.2.22)
  curb (>= 0.6.6.0)
  em-http-request (= 0.2.11)
  jeweler
  mocha (>= 0.9.8)
  rake
  typhoeus (>= 0.1.13)
  webmock
